GEM
  remote: https://rubygems.org/
  specs:
    cmdparse (3.0.7)
    geom2d (0.3.1)
    haml (5.2.2)
      temple (>= 0.8.0)
      tilt
    hexapdf (0.15.8)
      cmdparse (~> 3.0, >= 3.0.3)
      geom2d (~> 0.3)
    mustermann (1.1.1)
      ruby2_keywords (~> 0.0.1)
    rack (2.2.3)
    rack-protection (2.1.0)
      rack
    ruby2_keywords (0.0.5)
    sinatra (2.1.0)
      mustermann (~> 1.0)
      rack (~> 2.2)
      rack-protection (= 2.1.0)
      tilt (~> 2.0)
    temple (0.8.2)
    tilt (2.0.10)

PLATFORMS
  ruby

DEPENDENCIES
  haml
  hexapdf
  sinatra

BUNDLED WITH
   2.1.4
